GEM
  remote: http://rubygems.org/
  specs:
    addressable (2.3.2)
    em-http-request (0.3.0)
      addressable (>= 2.0.0)
      escape_utils
      eventmachine (>= 0.12.9)
    escape_utils (0.2.4)
    eventmachine (1.0.0.beta.1)

PLATFORMS
  ruby

DEPENDENCIES
  em-http-request
  eventmachine (= 1.0.0.beta.1)
